GEM
  remote: https://rubygems.org/
  specs:
    rake (12.3.3)
    sass (3.1.3)

PLATFORMS
  ruby

DEPENDENCIES
  rake
  sass
